GEM
  remote: https://rubygems.org/
  specs:
    addressable (2.2.7)
    em-websocket (0.3.6)
      addressable (>= 2.1.1)
      eventmachine (>= 0.12.9)
    eventmachine (0.12.10)
    foreman (0.41.0)
      thor (>= 0.13.6)
    rack (1.4.1)
    thor (0.14.6)

PLATFORMS
  ruby

DEPENDENCIES
  em-websocket
  eventmachine
  foreman
  rack
